GEM
  remote: https://rubygems.org/
  specs:
    activemodel (5.1.4)
      activesupport (= 5.1.4)
    activesupport (5.1.4)
      concurrent-ruby (~> 1.0, >= 1.0.2)
      i18n (~> 0.7)
      minitest (~> 5.1)
      tzinfo (~> 1.1)
    addressable (2.5.2)
      public_suffix (>= 2.0.2, < 4.0)
    bson (4.2.2-java)
    concurrent-ruby (1.0.5-java)
    domain_name (0.5.20170404)
      unf (>= 0.0.5, < 1.0.0)
    http (3.0.0)
      addressable (~> 2.3)
      http-cookie (~> 1.0)
      http-form_data (>= 2.0.0.pre.pre2, < 3)
      http_parser.rb (~> 0.6.0)
    http-cookie (1.0.3)
      domain_name (~> 0.5)
    http-form_data (2.0.0)
    http_parser.rb (0.6.0-java)
    i18n (0.8.6)
    minitest (5.10.3)
    mongo (2.4.3)
      bson (>= 4.2.1, < 5.0.0)
    mongoid (6.2.1)
      activemodel (~> 5.1)
      mongo (>= 2.4.1, < 3.0.0)
    public_suffix (3.0.0)
    thread_safe (0.3.6-java)
    tzinfo (1.2.3)
      thread_safe (~> 0.1)
    unf (0.1.4-java)

PLATFORMS
  java

DEPENDENCIES
  http
  mongoid

BUNDLED WITH
   1.15.1
